GEM
  remote: https://rubygems.org/
  specs:
    activemodel (5.1.0)
      activesupport (= 5.1.0)
    activerecord (5.1.0)
      activemodel (= 5.1.0)
      activesupport (= 5.1.0)
      arel (~> 8.0)
    activesupport (5.1.0)
      concurrent-ruby (~> 1.0, >= 1.0.2)
      i18n (~> 0.7)
      minitest (~> 5.1)
      tzinfo (~> 1.1)
    arel (8.0.0)
    concurrent-ruby (1.1.5)
    cuba (3.9.2)
      rack (>= 1.6.0)
    dalli (2.7.10)
    foreman (0.85.0)
      thor (~> 0.19.1)
    i18n (0.9.5)
      concurrent-ruby (~> 1.0)
    minitest (5.11.3)
    nio4r (2.4.0)
    oj (3.8.1)
    oj_mimic_json (1.0.1)
    pg (0.21.0)
    puma (4.1.0)
      nio4r (~> 2.0)
    rack (2.1.4.3)
    rack-cache (1.9.0)
      rack (>= 0.4)
    rack-ssl (1.4.1)
      rack
    rake (12.3.3)
    rubyzip (1.2.3)
    thor (0.19.4)
    thread_safe (0.3.6)
    tzinfo (1.2.5)
      thread_safe (~> 0.1)

PLATFORMS
  ruby

DEPENDENCIES
  activerecord (= 5.1)
  cuba
  dalli
  foreman
  oj
  oj_mimic_json
  pg (~> 0.18)
  puma
  rack
  rack-cache
  rack-ssl
  rake
  rubyzip (>= 1.1.0)

RUBY VERSION
   ruby 2.5.3p105

BUNDLED WITH
   1.17.3
